GEM
  remote: https://rubygems.org/
  specs:
    diff-lcs (1.2.4)
    haml (4.0.3)
      tilt
    json (1.8.0)
    rack (1.5.2)
    rack-protection (1.5.0)
      rack
    rack-test (0.6.2)
      rack (>= 1.0)
    rake (10.1.0)
    rspec (2.14.1)
      rspec-core (~> 2.14.0)
      rspec-expectations (~> 2.14.0)
      rspec-mocks (~> 2.14.0)
    rspec-core (2.14.5)
    rspec-expectations (2.14.1)
      diff-lcs (>= 1.1.3, < 2.0)
    rspec-mocks (2.14.3)
    sass (3.2.10)
    sinatra (1.4.3)
      rack (~> 1.4)
      rack-protection (~> 1.4)
      tilt (~> 1.3, >= 1.3.4)
    sinatra-partial (0.4.0)
      sinatra
    tilt (1.4.1)

PLATFORMS
  ruby

DEPENDENCIES
  haml
  json
  rack-test
  rake
  rspec
  sass
  sinatra
  sinatra-partial
