GEM
  remote: https://rubygems.org/
  specs:
    haml (3.0.13)
    json (1.8.0)
    rack (1.5.2)
    rack-protection (1.5.0)
      rack
    sinatra (1.4.3)
      rack (~> 1.4)
      rack-protection (~> 1.4)
      tilt (~> 1.3, >= 1.3.4)
    sinatra-partial (0.4.0)
      sinatra
    tilt (1.4.1)

PLATFORMS
  ruby

DEPENDENCIES
  haml
  json
  sinatra
  sinatra-partial
